GEM
  remote: https://rubygems.org/
  specs:
    diff-lcs (1.3)
    fast-stemmer (1.0.2)
    hoe (3.15.3)
      rake (>= 0.8, < 12.0)
    json (1.8.3)
    rake (10.1.1)
    rdoc (4.1.0)
      json (~> 1.4)
    rspec (3.9.0)
      rspec-core (~> 3.9.0)
      rspec-expectations (~> 3.9.0)
      rspec-mocks (~> 3.9.0)
    rspec-core (3.9.1)
      rspec-support (~> 3.9.1)
    rspec-expectations (3.9.0)
      diff-lcs (>= 1.2.0, < 2.0)
      rspec-support (~> 3.9.0)
    rspec-mocks (3.9.1)
      diff-lcs (>= 1.2.0, < 2.0)
      rspec-support (~> 3.9.0)
    rspec-support (3.9.2)
    test-unit (1.2.3)
      hoe (>= 1.5.1)

PLATFORMS
  ruby

DEPENDENCIES
  fast-stemmer
  json (= 1.8.3)
  rake
  rdoc
  rspec
  test-unit (= 1.2.3)

BUNDLED WITH
   1.13.2
