GEM
  remote: https://rubygems.org/
  specs:
    diff-lcs (1.2.5)
    fast-stemmer (1.0.2)
    json (1.8.3)
    power_assert (1.1.5)
    rake (10.1.1)
    rdoc (4.1.0)
      json (~> 1.4)
    rspec (2.14.1)
      rspec-core (~> 2.14.0)
      rspec-expectations (~> 2.14.0)
      rspec-mocks (~> 2.14.0)
    rspec-core (2.14.7)
    rspec-expectations (2.14.4)
      diff-lcs (>= 1.1.3, < 2.0)
    rspec-mocks (2.14.4)
    test-unit (3.3.5)
      power_assert

PLATFORMS
  ruby

DEPENDENCIES
  fast-stemmer
  json (= 1.8.3)
  rake
  rdoc
  rspec
  test-unit (= 3.3.5)

BUNDLED WITH
   1.13.2
